GEM
  remote: https://rubygems.org/
  specs:
    diff-lcs (1.2.5)
    mini_portile (0.6.2)
    nokogiri (1.6.6.2-x64-mingw32)
      mini_portile (~> 0.6.0)
    rack (1.6.1)
    rspec (3.2.0)
      rspec-core (~> 3.2.0)
      rspec-expectations (~> 3.2.0)
      rspec-mocks (~> 3.2.0)
    rspec-core (3.2.3)
      rspec-support (~> 3.2.0)
    rspec-expectations (3.2.1)
      diff-lcs (>= 1.2.0, < 2.0)
      rspec-support (~> 3.2.0)
    rspec-mocks (3.2.1)
      diff-lcs (>= 1.2.0, < 2.0)
      rspec-support (~> 3.2.0)
    rspec-support (3.2.2)

PLATFORMS
  x64-mingw32

DEPENDENCIES
  nokogiri
  rack (~> 1.1)
  rspec
